GEM
  remote: http://ruby.taobao.org/
  remote: http://rubygems.org/
  remote: http://gems.github.com/
  specs:
    activerecord-jdbc-adapter (1.2.9)
    activesupport (3.2.13)
      i18n (= 0.6.1)
      multi_json (~> 1.0)
    addressable (2.2.8)
    backports (3.3.2)
    bcrypt-ruby (3.0.1)
    bcrypt-ruby (3.0.1-java)
    builder (3.2.0)
    data_objects (0.10.8)
      addressable (~> 2.1)
    datamapper (1.2.0)
      dm-aggregates (~> 1.2.0)
      dm-constraints (~> 1.2.0)
      dm-core (~> 1.2.0)
      dm-migrations (~> 1.2.0)
      dm-serializer (~> 1.2.0)
      dm-timestamps (~> 1.2.0)
      dm-transactions (~> 1.2.0)
      dm-types (~> 1.2.0)
      dm-validations (~> 1.2.0)
    descendants_tracker (0.0.1)
    dm-aggregates (1.2.0)
      dm-core (~> 1.2.0)
    dm-constraints (1.2.0)
      dm-core (~> 1.2.0)
    dm-core (1.2.0)
      addressable (~> 2.2.6)
    dm-do-adapter (1.2.0)
      data_objects (~> 0.10.6)
      dm-core (~> 1.2.0)
    dm-migrations (1.2.0)
      dm-core (~> 1.2.0)
    dm-postgres-adapter (1.2.0)
      dm-do-adapter (~> 1.2.0)
      do_postgres (~> 0.10.6)
    dm-serializer (1.2.2)
      dm-core (~> 1.2.0)
      fastercsv (~> 1.5)
      json (~> 1.6)
      json_pure (~> 1.6)
      multi_json (~> 1.0)
    dm-sqlite-adapter (1.2.0)
      dm-do-adapter (~> 1.2.0)
      do_sqlite3 (~> 0.10.6)
    dm-timestamps (1.2.0)
      dm-core (~> 1.2.0)
    dm-transactions (1.2.0)
      dm-core (~> 1.2.0)
    dm-types (1.2.2)
      bcrypt-ruby (~> 3.0)
      dm-core (~> 1.2.0)
      fastercsv (~> 1.5)
      json (~> 1.6)
      multi_json (~> 1.0)
      stringex (~> 1.4)
      uuidtools (~> 2.1)
    dm-validations (1.2.0)
      dm-core (~> 1.2.0)
    do_jdbc (0.10.8-java)
      data_objects (= 0.10.8)
    do_postgres (0.10.8-java)
      data_objects (= 0.10.8)
      do_jdbc (= 0.10.8)
      jdbc-postgres (>= 8.2)
    do_sqlite3 (0.10.8)
      data_objects (= 0.10.8)
    do_sqlite3 (0.10.8-java)
      data_objects (= 0.10.8)
      do_jdbc (= 0.10.8)
      jdbc-sqlite3 (>= 3.5.8)
    fastercsv (1.5.5)
    grape (0.5.0)
      activesupport
      builder
      hashie (>= 1.2.0)
      multi_json (>= 1.3.2)
      multi_xml (>= 0.5.2)
      rack (>= 1.3.0)
      rack-accept
      rack-mount
      virtus
    hashie (2.0.5)
    i18n (0.6.1)
    jdbc-postgres (9.2.1002.1)
    jdbc-sqlite3 (3.7.2.1)
    jruby-jars (1.7.4)
    jruby-rack (1.1.13.2)
    json (1.8.0)
    json (1.8.0-java)
    json_pure (1.8.0)
    multi_json (1.7.7)
    multi_xml (0.5.4)
    net-scp (1.1.1)
      net-ssh (>= 2.6.5)
    net-ssh (2.6.7)
    pg (0.15.1)
    rack (1.5.2)
    rack-accept (0.4.5)
      rack (>= 0.4)
    rack-mount (0.8.3)
      rack (>= 1.0.0)
    rack-protection (1.5.0)
      rack
    rake (10.1.0)
    rubyzip (0.9.9)
    sinatra (1.4.3)
      rack (~> 1.4)
      rack-protection (~> 1.4)
      tilt (~> 1.3, >= 1.3.4)
    stringex (1.5.1)
    tilt (1.4.1)
    trinidad (1.4.5)
      jruby-rack (>= 1.1.13)
      trinidad_jars (>= 1.2.3)
    trinidad_jars (1.2.4)
    uuidtools (2.1.4)
    virtus (0.5.5)
      backports (~> 3.3)
      descendants_tracker (~> 0.0.1)
    warbler (1.3.8)
      jruby-jars (>= 1.5.6)
      jruby-rack (>= 1.0.0)
      rake (>= 0.9.6)
      rubyzip (>= 0.9.8)

PLATFORMS
  java
  ruby

DEPENDENCIES
  activerecord-jdbc-adapter
  bundler
  datamapper (>= 1.2.0)
  dm-postgres-adapter
  dm-sqlite-adapter
  grape
  jdbc-postgres
  jdbc-sqlite3
  net-scp
  net-ssh
  pg
  sinatra
  trinidad (= 1.4.5)
  warbler (= 1.3.8)
